GIT
  remote: https://github.com/twolfson/serverspec.git
  revision: 1533623971c5d55cccea9991f60c4317cdc2ce61
  ref: 1533623
  specs:
    serverspec (2.24.3)
      multi_json
      rspec (~> 3.0)
      rspec-its
      specinfra (~> 2.43)

GIT
  remote: https://github.com/twolfson/specinfra.git
  revision: 07a4b29fb14ee5bd854235ee36ccfaead382b1ff
  ref: 07a4b29
  specs:
    specinfra (2.46.0)
      net-scp
      net-ssh (~> 2.7)
      net-telnet
      sfl

GEM
  remote: https://rubygems.org/
  specs:
    diff-lcs (1.2.5)
    multi_json (1.11.2)
    net-scp (1.2.1)
      net-ssh (>= 2.6.5)
    net-ssh (2.9.2)
    net-telnet (0.1.1)
    rspec (3.4.0)
      rspec-core (~> 3.4.0)
      rspec-expectations (~> 3.4.0)
      rspec-mocks (~> 3.4.0)
    rspec-core (3.4.1)
      rspec-support (~> 3.4.0)
    rspec-expectations (3.4.0)
      diff-lcs (>= 1.2.0, < 2.0)
      rspec-support (~> 3.4.0)
    rspec-its (1.2.0)
      rspec-core (>= 3.0.0)
      rspec-expectations (>= 3.0.0)
    rspec-mocks (3.4.0)
      diff-lcs (>= 1.2.0, < 2.0)
      rspec-support (~> 3.4.0)
    rspec-support (3.4.1)
    sfl (2.2)

PLATFORMS
  ruby

DEPENDENCIES
  serverspec (~> 2.24.3)!
  specinfra (~> 2.46.0)!

BUNDLED WITH
   1.11.0
