GEM
  remote: https://rubygems.org/
  specs:
    ast (2.2.0)
    diff-lcs (1.2.5)
    multi_json (1.11.2)
    net-scp (1.2.1)
      net-ssh (>= 2.6.5)
    net-ssh (2.9.2)
    net-telnet (0.1.1)
    parser (2.3.0.1)
      ast (~> 2.2)
    powerpack (0.1.1)
    rainbow (2.0.0)
    rspec (3.4.0)
      rspec-core (~> 3.4.0)
      rspec-expectations (~> 3.4.0)
      rspec-mocks (~> 3.4.0)
    rspec-core (3.4.1)
      rspec-support (~> 3.4.0)
    rspec-expectations (3.4.0)
      diff-lcs (>= 1.2.0, < 2.0)
      rspec-support (~> 3.4.0)
    rspec-its (1.2.0)
      rspec-core (>= 3.0.0)
      rspec-expectations (>= 3.0.0)
    rspec-mocks (3.4.1)
      diff-lcs (>= 1.2.0, < 2.0)
      rspec-support (~> 3.4.0)
    rspec-support (3.4.1)
    rubocop (0.36.0)
      parser (>= 2.3.0.0, < 3.0)
      powerpack (~> 0.1)
      rainbow (>= 1.99.1, < 3.0)
      ruby-progressbar (~> 1.7)
    ruby-progressbar (1.7.5)
    serverspec (2.29.0)
      multi_json
      rspec (~> 3.0)
      rspec-its
      specinfra (~> 2.48)
    sfl (2.2)
    specinfra (2.49.0)
      net-scp
      net-ssh (>= 2.7, < 3.1)
      net-telnet
      sfl

PLATFORMS
  ruby

DEPENDENCIES
  net-ssh (~> 2.9.2)
  rubocop (~> 0.36.0)
  serverspec (~> 2.29.0)
